PATH
  remote: .
  specs:
    mongoid_rails_migrations (1.0.0)
      activesupport (>= 3.2.0)
      bundler (>= 1.0.0)

GEM
  remote: http://rubygems.org/
  specs:
    activemodel (3.2.8)
      activesupport (= 3.2.8)
      builder (~> 3.0.0)
    activesupport (3.2.8)
      i18n (~> 0.6)
      multi_json (~> 1.0)
    builder (3.0.0)
    i18n (0.6.0)
    mongoid (3.0.4)
      activemodel (~> 3.1)
      moped (~> 1.1)
      origin (~> 1.0)
      tzinfo (~> 0.3.22)
    moped (1.2.0)
    multi_json (1.3.6)
    origin (1.0.6)
    test-unit (2.5.1)
    tzinfo (0.3.33)

PLATFORMS
  ruby

DEPENDENCIES
  mongoid (>= 3.0.0)
  mongoid_rails_migrations!
  test-unit (>= 2.5.0)
